GEM
  remote: http://rubygems.org/
  specs:
    RedCloth (4.2.9)
    activesupport (3.2.8)
      i18n (~> 0.6)
      multi_json (~> 1.0)
    albino (1.3.3)
      posix-spawn (>= 0.3.6)
    blankslate (3.1.2)
    chunky_png (1.2.6)
    classifier (1.3.3)
      fast-stemmer (>= 1.0.0)
    compass (0.12.2)
      chunky_png (~> 1.2)
      fssm (>= 0.2.7)
      sass (~> 3.1)
    directory_watcher (1.4.1)
    fast-stemmer (1.0.1)
    ffi (1.0.11)
    fssm (0.2.9)
    haml (3.1.7)
    http_router (0.10.2)
      rack (>= 1.0.0)
      url_mount (~> 0.2.1)
    i18n (0.6.1)
    jekyll (0.11.2)
      albino (~> 1.3)
      classifier (~> 1.3)
      directory_watcher (~> 1.1)
      kramdown (~> 0.13)
      liquid (~> 2.3)
      maruku (~> 0.5)
    kramdown (0.14.0)
    liquid (2.3.0)
    mail (2.3.3)
      i18n (>= 0.4.0)
      mime-types (~> 1.16)
      treetop (~> 1.4.8)
    maruku (0.6.1)
      syntax (>= 1.0.0)
    mime-types (1.19)
    multi_json (1.3.6)
    padrino (0.10.7)
      padrino-admin (= 0.10.7)
      padrino-cache (= 0.10.7)
      padrino-core (= 0.10.7)
      padrino-gen (= 0.10.7)
      padrino-helpers (= 0.10.7)
      padrino-mailer (= 0.10.7)
    padrino-admin (0.10.7)
      padrino-core (= 0.10.7)
      padrino-helpers (= 0.10.7)
    padrino-cache (0.10.7)
      padrino-core (= 0.10.7)
    padrino-core (0.10.7)
      activesupport (~> 3.2.0)
      http_router (~> 0.10.2)
      sinatra (~> 1.3.1)
      thor (~> 0.15.2)
      tilt (~> 1.3.0)
    padrino-gen (0.10.7)
      bundler (~> 1.0)
      padrino-core (= 0.10.7)
    padrino-helpers (0.10.7)
      i18n (~> 0.6)
      padrino-core (= 0.10.7)
    padrino-mailer (0.10.7)
      mail (~> 2.3.0)
      padrino-core (= 0.10.7)
    polyglot (0.3.3)
    posix-spawn (0.3.6)
    pygments.rb (0.2.13)
      rubypython (~> 0.5.3)
    rack (1.4.1)
    rack-protection (1.2.0)
      rack
    rake (0.9.2.2)
    rb-fsevent (0.9.1)
    rdiscount (1.6.8)
    rubypants (0.2.0)
    rubypython (0.5.3)
      blankslate (>= 2.1.2.3)
      ffi (~> 1.0.7)
    sass (3.2.1)
    sinatra (1.3.3)
      rack (~> 1.3, >= 1.3.6)
      rack-protection (~> 1.2)
      tilt (~> 1.3, >= 1.3.3)
    stringex (1.4.0)
    susy (1.0.1)
      compass (>= 0.12.2)
      sass (>= 3.2.0)
    syntax (1.0.0)
    thor (0.15.4)
    tilt (1.3.3)
    treetop (1.4.11)
      polyglot
      polyglot (>= 0.3.1)
    url_mount (0.2.1)
      rack

PLATFORMS
  ruby

DEPENDENCIES
  RedCloth (~> 4.2.9)
  compass (~> 0.12.1)
  haml (~> 3.1.6)
  jekyll (~> 0.11.2)
  liquid (~> 2.3.0)
  padrino (~> 0.10.7)
  pygments.rb (~> 0.2.12)
  rack (~> 1.4.1)
  rake (~> 0.9.2)
  rb-fsevent (~> 0.9)
  rdiscount (~> 1.6.8)
  rubypants (~> 0.2.0)
  sinatra (~> 1.3.2)
  stringex (~> 1.4.0)
  susy (~> 1.0)
